GEM
  remote: https://rubygems.org/
  specs:
    daemons (1.2.6)
    eventmachine (1.2.6)
    mustermann (1.0.2)
    rack (2.0.5)
    rack-protection (2.0.1)
      rack
    rake (12.3.1)
    sinatra (2.0.1)
      mustermann (~> 1.0)
      rack (~> 2.0)
      rack-protection (= 2.0.1)
      tilt (~> 2.0)
    slim (3.0.9)
      temple (>= 0.7.6, < 0.9)
      tilt (>= 1.3.3, < 2.1)
    temple (0.8.0)
    thin (1.7.2)
      daemons (~> 1.0, >= 1.0.9)
      eventmachine (~> 1.0, >= 1.0.4)
      rack (>= 1, < 3)
    tilt (2.0.8)

PLATFORMS
  ruby

DEPENDENCIES
  rake (~> 12.3)
  sinatra (~> 2.0)
  slim (~> 3.0)
  thin (~> 1.7)

RUBY VERSION
   ruby 2.5.1p57

BUNDLED WITH
   1.16.1
