GEM
  remote: https://rubygems.org/
  specs:
    ast (2.4.0)
    daemons (1.3.1)
    eventmachine (1.2.7)
    jaro_winkler (1.5.2)
    mustermann (1.0.3)
    parallel (1.13.0)
    parser (2.6.0.0)
      ast (~> 2.4.0)
    powerpack (0.1.2)
    rack (2.0.6)
    rack-protection (2.0.5)
      rack
    rainbow (3.0.0)
    rake (12.3.2)
    rubocop (0.63.1)
      jaro_winkler (~> 1.5.1)
      parallel (~> 1.10)
      parser (>= 2.5, != 2.5.1.1)
      powerpack (~> 0.1)
      rainbow (>= 2.2.2, < 4.0)
      ruby-progressbar (~> 1.7)
      unicode-display_width (~> 1.4.0)
    ruby-progressbar (1.10.0)
    sinatra (2.0.5)
      mustermann (~> 1.0)
      rack (~> 2.0)
      rack-protection (= 2.0.5)
      tilt (~> 2.0)
    slim (4.0.1)
      temple (>= 0.7.6, < 0.9)
      tilt (>= 2.0.6, < 2.1)
    temple (0.8.0)
    thin (1.7.2)
      daemons (~> 1.0, >= 1.0.9)
      eventmachine (~> 1.0, >= 1.0.4)
      rack (>= 1, < 3)
    tilt (2.0.9)
    unicode-display_width (1.4.1)

PLATFORMS
  ruby

DEPENDENCIES
  rake (~> 12.3)
  rubocop (~> 0.63.1)
  sinatra (~> 2.0)
  slim (~> 4.0)
  thin (~> 1.7)

RUBY VERSION
   ruby 2.6.1p33

BUNDLED WITH
   1.17.3
